GEM
  remote: http://rubygems.org/
  specs:
    backports (3.3.4)
    cabi (0.1.9)
      thor (~> 0.18, >= 0.18.1)
    chunky_png (1.2.8)
    compass (0.12.2)
      chunky_png (~> 1.2)
      fssm (>= 0.2.7)
      sass (~> 3.1)
    daemons (1.1.9)
    eventmachine (1.0.3)
    ffi (1.9.0)
    fssm (0.2.10)
    haml (4.0.3)
      tilt
    html_truncator (0.3.1)
      nokogiri (~> 1.5)
    listen (1.3.1)
      rb-fsevent (>= 0.9.3)
      rb-inotify (>= 0.9)
      rb-kqueue (>= 0.2)
    maruku (0.6.1)
      syntax (>= 1.0.0)
    mime-types (1.25)
    mini_portile (0.5.1)
    multi_json (1.8.0)
    netaddr (1.5.0)
    nokogiri (1.6.0)
      mini_portile (~> 0.5.0)
    rack (1.5.2)
    rack-cache (1.2)
      rack (>= 0.4)
    rack-funky-cache (0.0.6)
    rack-protection (1.5.0)
      rack
    rack-session-file (0.5.0)
      rack (>= 1.1.0)
    rack-test (0.6.2)
      rack (>= 1.0)
    rb-fsevent (0.9.3)
    rb-inotify (0.9.2)
      ffi (>= 0.5.0)
    rb-kqueue (0.2.0)
      ffi (>= 0.5.0)
    redcarpet (3.0.0)
    rerun (0.8.1)
      listen (>= 1.0.3)
    rest-client (1.6.7)
      mime-types (>= 1.16)
    sass (3.2.10)
    sinatra (1.4.3)
      rack (~> 1.4)
      rack-protection (~> 1.4)
      tilt (~> 1.3, >= 1.3.4)
    sinatra-contrib (1.4.1)
      backports (>= 2.0)
      multi_json
      rack-protection
      rack-test
      sinatra (~> 1.4.0)
      tilt (~> 1.3)
    susy (1.0.9)
      compass (>= 0.12.2)
      sass (>= 3.2.0)
    syntax (1.0.0)
    thin (1.5.1)
      daemons (>= 1.0.9)
      eventmachine (>= 0.12.6)
      rack (>= 1.0.0)
    thor (0.18.1)
    tilt (1.4.1)

PLATFORMS
  ruby

DEPENDENCIES
  cabi (>= 0.1.9)
  compass (= 0.12.2)
  haml (= 4.0.3)
  html_truncator (= 0.3.1)
  maruku (= 0.6.1)
  netaddr (= 1.5.0)
  rack-cache (= 1.2)
  rack-funky-cache (= 0.0.6)
  rack-session-file (= 0.5.0)
  redcarpet (= 3.0.0)
  rerun (= 0.8.1)
  rest-client (= 1.6.7)
  sass (= 3.2.10)
  sinatra (= 1.4.3)
  sinatra-contrib (= 1.4.1)
  susy (= 1.0.9)
  thin (= 1.5.1)
